GEM
  remote: https://rubygems.org/
  specs:
    faraday (0.8.4)
      multipart-post (~> 1.1)
    haml (3.1.7)
    json (1.7.6)
    multipart-post (1.1.5)
    rack (1.4.3)
    rack-protection (1.2.0)
      rack
    sinatra (1.3.3)
      rack (~> 1.3, >= 1.3.6)
      rack-protection (~> 1.2)
      tilt (~> 1.3, >= 1.3.3)
    tilt (1.3.3)

PLATFORMS
  ruby

DEPENDENCIES
  faraday
  haml
  json
  sinatra
